GIT
  remote: git://github.com/radarseesradar/dumb_delegator.git
  revision: 298babd5de43dd67947f09d69542c9f6b44b3967
  specs:
    dumb_delegator (0.7.0)

GEM
  remote: https://rubygems.org/
  specs:
    ansi (1.4.3)
    builder (3.2.2)
    diff-lcs (1.2.5)
    given_core (3.5.4)
      sorcerer (>= 0.3.7)
    hashie (2.1.1)
    minitest (4.7.5)
    minitest-reporters (0.14.24)
      ansi
      builder
      minitest (>= 2.12, < 5.0)
      powerbar
    powerbar (1.0.11)
      ansi (~> 1.4.0)
      hashie (>= 1.1.0)
    rspec (2.14.1)
      rspec-core (~> 2.14.0)
      rspec-expectations (~> 2.14.0)
      rspec-mocks (~> 2.14.0)
    rspec-core (2.14.8)
    rspec-expectations (2.14.5)
      diff-lcs (>= 1.1.3, < 2.0)
    rspec-given (3.5.4)
      given_core (= 3.5.4)
      rspec (>= 2.12)
    rspec-mocks (2.14.6)
    sorcerer (1.0.2)

PLATFORMS
  ruby

DEPENDENCIES
  dumb_delegator!
  minitest (~> 4.7)
  minitest-reporters
  rspec
  rspec-given
